GEM
  remote: https://rubygems.org/
  specs:
    ast (2.4.0)
    codebreaker-Bulatkin (0.2.0)
      i18n
      rake (~> 10.0)
    coderay (1.1.2)
    concurrent-ruby (1.1.5)
    diff-lcs (1.3)
    docile (1.3.2)
    i18n (1.7.0)
      concurrent-ruby (~> 1.0)
    jaro_winkler (1.5.4)
    json (2.2.0)
    method_source (0.9.2)
    parallel (1.19.0)
    parser (2.6.5.0)
      ast (~> 2.4.0)
    pry (0.12.2)
      coderay (~> 1.1.0)
      method_source (~> 0.9.0)
    rack (2.0.7)
    rack-test (1.1.0)
      rack (>= 1.0, < 3)
    rainbow (3.0.0)
    rake (10.5.0)
    rspec (3.9.0)
      rspec-core (~> 3.9.0)
      rspec-expectations (~> 3.9.0)
      rspec-mocks (~> 3.9.0)
    rspec-core (3.9.0)
      rspec-support (~> 3.9.0)
    rspec-expectations (3.9.0)
      diff-lcs (>= 1.2.0, < 2.0)
      rspec-support (~> 3.9.0)
    rspec-mocks (3.9.0)
      diff-lcs (>= 1.2.0, < 2.0)
      rspec-support (~> 3.9.0)
    rspec-support (3.9.0)
    rubocop (0.76.0)
      jaro_winkler (~> 1.5.1)
      parallel (~> 1.10)
      parser (>= 2.6)
      rainbow (>= 2.2.2, < 4.0)
      ruby-progressbar (~> 1.7)
      unicode-display_width (>= 1.4.0, < 1.7)
    ruby-progressbar (1.10.1)
    simplecov (0.17.1)
      docile (~> 1.1)
      json (>= 1.8, < 3)
      simplecov-html (~> 0.10.0)
    simplecov-html (0.10.2)
    unicode-display_width (1.6.0)

PLATFORMS
  ruby

DEPENDENCIES
  codebreaker-Bulatkin (~> 0.2.0)
  pry
  rack-test
  rspec
  rubocop
  simplecov

RUBY VERSION
   ruby 2.6.3p62

BUNDLED WITH
   2.0.2
